GEM
  remote: http://rubygems.org/
  specs:
    byebug (11.1.3)
    colorize (1.1.0)
    rake (13.3.0)

PLATFORMS
  ruby

DEPENDENCIES
  byebug
  colorize
  rake

BUNDLED WITH
   1.17.2
